GIT
  remote: https://github.com/DisruptiveAngels/administrate-field-password
  revision: 3383ce5b3923aa6044a561ce92e6e7ea791251f3
  specs:
    administrate-field-password (0.0.4)
      administrate

GIT
  remote: https://github.com/adamniedzielski/tiddle.git
  revision: 5992a3ea00ee6d1944bbc1fd8daa3c8574c41f56
  specs:
    tiddle (1.4.0)
      activerecord (>= 4.2.0)
      devise (>= 4.0.0.rc1, < 5)

GIT
  remote: https://github.com/headwayio/administrate-field-boolean_to_yes_no
  revision: 3da79ed47dc84624d6e582df7582264054c17d2f
  branch: upgrade/rails-6
  specs:
    administrate-field-boolean_to_yes_no (0.2.0)
      administrate (~> 0.12)
      rails

GIT
  remote: https://github.com/headwayio/administrate-field-collection_select
  revision: 25291021971841d28f1d7892e5b150fd9cc85c33
  branch: feature/rails-6
  specs:
    administrate-field-collection_select (0.3.1)
      administrate (~> 0.7)
      rails

GIT
  remote: https://github.com/headwayio/administrate-field-hex_color_picker
  revision: a9bcd0a8af1c39122f58d18435cdbb91f99847ae
  branch: master
  specs:
    administrate-field-hex_color_picker (0.1.1)
      administrate (~> 0.7)
      jquery-minicolors-rails (~> 2.2)
      jquery-rails (~> 4.3)
      rails (~> 6.0)

GIT
  remote: https://github.com/headwayio/administrate-field-shrine.git
  revision: 4bd6177ee35b1524ddbdb0026e9ca36b84675433
  branch: headway_master
  specs:
    administrate-field-shrine (0.0.3)
      administrate (~> 0.7)

GIT
  remote: https://github.com/headwayio/administrate-field-trix.git
  revision: 120d64f50b02f76d425c275c197fb11dfd998ed8
  specs:
    administrate-field-trix (0.1.6)
      administrate (< 1.0.0)
      rails (>= 4.2)
      trix-rails

GIT
  remote: https://github.com/headwayio/canard.git
  revision: 137fadebdf2fa4664e3e1465f598fa5b66795f6f
  branch: upgrade/rails-6
  specs:
    canard (0.5.0.pre)
      cancancan
      role_model (~> 0)

GIT
  remote: https://github.com/headwayio/pickler
  revision: 54eca2a49beebd497c22f78c8b6484112a8ce643
  branch: feature/support_comments_after_linebreak
  specs:
    pickler (0.2.1)
      crack (>= 0.1.8)

GIT
  remote: https://github.com/headwayio/trix.git
  revision: d4a6ce9edb941d3f36cf8d56e352ee5f467ffaa9
  branch: rails_5_2
  specs:
    trix (0.11.1)
      rails (> 4.1)

GIT
  remote: https://github.com/rollbar/rollbar-gem.git
  revision: fde3c088b0b6f5183c341ae348e8193d0e9dede5
  specs:
    rollbar (2.25.0)

GEM
  remote: https://rubygems.org/
  specs:
    actioncable (6.0.3.2)
      actionpack (= 6.0.3.2)
      nio4r (~> 2.0)
      websocket-driver (>= 0.6.1)
    actionmailbox (6.0.3.2)
      actionpack (= 6.0.3.2)
      activejob (= 6.0.3.2)
      activerecord (= 6.0.3.2)
      activestorage (= 6.0.3.2)
      activesupport (= 6.0.3.2)
      mail (>= 2.7.1)
    actionmailer (6.0.3.2)
      actionpack (= 6.0.3.2)
      actionview (= 6.0.3.2)
      activejob (= 6.0.3.2)
      mail (~> 2.5, >= 2.5.4)
      rails-dom-testing (~> 2.0)
    actionpack (6.0.3.2)
      actionview (= 6.0.3.2)
      activesupport (= 6.0.3.2)
      rack (~> 2.0, >= 2.0.8)
      rack-test (>= 0.6.3)
      rails-dom-testing (~> 2.0)
      rails-html-sanitizer (~> 1.0, >= 1.2.0)
    actiontext (6.0.3.2)
      actionpack (= 6.0.3.2)
      activerecord (= 6.0.3.2)
      activestorage (= 6.0.3.2)
      activesupport (= 6.0.3.2)
      nokogiri (>= 1.8.5)
    actionview (6.0.3.2)
      activesupport (= 6.0.3.2)
      builder (~> 3.1)
      erubi (~> 1.4)
      rails-dom-testing (~> 2.0)
      rails-html-sanitizer (~> 1.1, >= 1.2.0)
    active_link_to (1.0.5)
      actionpack
      addressable
    active_model_serializers (0.10.10)
      actionpack (>= 4.1, < 6.1)
      activemodel (>= 4.1, < 6.1)
      case_transform (>= 0.2)
      jsonapi-renderer (>= 0.1.1.beta1, < 0.3)
    activejob (6.0.3.2)
      activesupport (= 6.0.3.2)
      globalid (>= 0.3.6)
    activemodel (6.0.3.2)
      activesupport (= 6.0.3.2)
    activerecord (6.0.3.2)
      activemodel (= 6.0.3.2)
      activesupport (= 6.0.3.2)
    activestorage (6.0.3.2)
      actionpack (= 6.0.3.2)
      activejob (= 6.0.3.2)
      activerecord (= 6.0.3.2)
      marcel (~> 0.3.1)
    activesupport (6.0.3.2)
      concurrent-ruby (~> 1.0, >= 1.0.2)
      i18n (>= 0.7, < 2)
      minitest (~> 5.1)
      tzinfo (~> 1.1)
      zeitwerk (~> 2.2, >= 2.2.2)
    addressable (2.7.0)
      public_suffix (>= 2.0.2, < 5.0)
    administrate (0.13.0)
      actionpack (>= 4.2)
      actionview (>= 4.2)
      activerecord (>= 4.2)
      autoprefixer-rails (>= 6.0)
      datetime_picker_rails (~> 0.0.7)
      jquery-rails (>= 4.0)
      kaminari (>= 1.0)
      momentjs-rails (~> 2.8)
      sassc-rails (~> 2.1)
      selectize-rails (~> 0.6)
    administrate-field-enum (0.0.9)
      administrate (~> 0.12)
    administrate-field-nested_has_many (1.2.0)
      administrate (> 0.8, < 1)
      cocoon (~> 1.2, >= 1.2.11)
    airborne (0.3.4)
      activesupport
      rack
      rack-test (>= 1.1.0, < 2.0)
      rest-client (>= 2.0.2, < 3.0)
      rspec (~> 3.8)
    analytics-ruby (2.2.8)
    annotate (3.1.1)
      activerecord (>= 3.2, < 7.0)
      rake (>= 10.4, < 14.0)
    archive-zip (0.12.0)
      io-like (~> 0.3.0)
    ast (2.4.0)
    autoprefixer-rails (9.7.6)
      execjs
    awesome_print (1.8.0)
    aws-eventstream (1.1.0)
    aws-partitions (1.326.0)
    aws-sdk-core (3.98.0)
      aws-eventstream (~> 1, >= 1.0.2)
      aws-partitions (~> 1, >= 1.239.0)
      aws-sigv4 (~> 1.1)
      jmespath (~> 1.0)
    aws-sdk-kms (1.33.0)
      aws-sdk-core (~> 3, >= 3.71.0)
      aws-sigv4 (~> 1.1)
    aws-sdk-s3 (1.67.1)
      aws-sdk-core (~> 3, >= 3.96.1)
      aws-sdk-kms (~> 1)
      aws-sigv4 (~> 1.1)
    aws-sigv4 (1.1.4)
      aws-eventstream (~> 1.0, >= 1.0.2)
    babel-source (5.8.35)
    babel-transpiler (0.7.0)
      babel-source (>= 4.0, < 6)
      execjs (~> 2.0)
    backports (3.17.2)
    bcrypt (3.1.13)
    bindex (0.8.1)
    browser (4.2.0)
    builder (3.2.4)
    bullet (6.1.0)
      activesupport (>= 3.0.0)
      uniform_notifier (~> 1.11)
    bundler-audit (0.6.1)
      bundler (>= 1.2.0, < 3)
      thor (~> 0.18)
    byebug (11.1.3)
    cable_ready (4.2.0)
      rails (>= 5.2)
    cadre (1.0.4)
      thor (>= 0.14, < 1.0)
      tilt (> 1.0)
      valise (~> 1.2)
    cancancan (3.1.0)
    capybara (3.32.2)
      addressable
      mini_mime (>= 0.1.3)
      nokogiri (~> 1.8)
      rack (>= 1.6.0)
      rack-test (>= 0.6.3)
      regexp_parser (~> 1.5)
      xpath (~> 3.2)
    capybara-selenium (0.0.6)
      capybara
      selenium-webdriver
    case_transform (0.2)
      activesupport
    childprocess (3.0.0)
    choice (0.2.0)
    chromedriver-helper (2.1.1)
      archive-zip (~> 0.10)
      nokogiri (~> 1.8)
    chronic (0.10.2)
    cocoon (1.2.14)
    coderay (1.1.3)
    coffee-rails (5.0.0)
      coffee-script (>= 2.2.0)
      railties (>= 5.2.0)
    coffee-script (2.4.1)
      coffee-script-source
      execjs
    coffee-script-source (1.12.2)
    concurrent-ruby (1.1.6)
    connection_pool (2.2.3)
    content_disposition (1.0.0)
    crack (0.4.3)
      safe_yaml (~> 1.0.0)
    crass (1.0.6)
    cucumber (3.2.0)
      builder (>= 2.1.2)
      cucumber-core (~> 3.2.0)
      cucumber-expressions (~> 6.0.1)
      cucumber-wire (~> 0.0.1)
      diff-lcs (~> 1.3)
      gherkin (~> 5.1.0)
      multi_json (>= 1.7.5, < 2.0)
      multi_test (>= 0.1.2)
    cucumber-core (3.2.1)
      backports (>= 3.8.0)
      cucumber-tag_expressions (~> 1.1.0)
      gherkin (~> 5.0)
    cucumber-expressions (6.0.1)
    cucumber-rails (2.0.0)
      capybara (>= 2.12, < 4)
      cucumber (>= 3.0.2, < 4)
      mime-types (>= 2.0, < 4)
      nokogiri (~> 1.8)
      railties (>= 4.2, < 7)
    cucumber-tag_expressions (1.1.1)
    cucumber-wire (0.0.1)
    dalli (2.7.10)
    database_cleaner (1.8.5)
    datetime_picker_rails (0.0.7)
      momentjs-rails (>= 2.8.1)
    devise (4.7.1)
      bcrypt (~> 3.0)
      orm_adapter (~> 0.1)
      railties (>= 4.1.0)
      responders
      warden (~> 1.2.3)
    devise_invitable (2.0.2)
      actionmailer (>= 5.0)
      devise (>= 4.6)
    diff-lcs (1.3)
    docile (1.3.2)
    domain_name (0.5.20190701)
      unf (>= 0.0.5, < 1.0.0)
    dotenv (2.7.5)
    dotenv-rails (2.7.5)
      dotenv (= 2.7.5)
      railties (>= 3.2, < 6.1)
    down (5.1.1)
      addressable (~> 2.5)
    dynamic_form (1.1.4)
    email_spec (2.2.0)
      htmlentities (~> 4.3.3)
      launchy (~> 2.1)
      mail (~> 2.7)
    erubi (1.9.0)
    execjs (2.7.0)
    factory_bot (5.2.0)
      activesupport (>= 4.2.0)
    factory_bot_rails (5.2.0)
      factory_bot (~> 5.2.0)
      railties (>= 4.2.0)
    faker (2.12.0)
      i18n (>= 1.6, < 2)
    ffi (1.9.25)
    fix-db-schema-conflicts (3.0.3)
      rubocop (>= 0.38.0)
    flutie (2.2.0)
    font-awesome-rails (4.7.0.5)
      railties (>= 3.2, < 6.1)
    formulaic (0.4.1)
      activesupport
      capybara
      i18n
    foundation-rails (6.6.2.0)
      railties (>= 3.1.0)
      sass (>= 3.3.0)
      sprockets-es6 (>= 0.9.0)
    friendly_id (5.3.0)
      activerecord (>= 4.0.0)
    gherkin (5.1.0)
    globalid (0.4.2)
      activesupport (>= 4.2.0)
    hashdiff (1.0.1)
    high_voltage (3.1.2)
    htmlentities (4.3.4)
    http-2 (0.10.1)
    http-accept (1.7.0)
    http-cookie (1.0.3)
      domain_name (~> 0.5)
    i18n (1.8.3)
      concurrent-ruby (~> 1.0)
    image_processing (1.11.0)
      mini_magick (>= 4.9.5, < 5)
      ruby-vips (>= 2.0.17, < 3)
    io-like (0.3.1)
    jmespath (1.4.0)
    jquery-minicolors-rails (2.2.6.2)
      jquery-rails
      rails (>= 3.2.8)
    jquery-rails (4.4.0)
      rails-dom-testing (>= 1, < 3)
      railties (>= 4.2.0)
      thor (>= 0.14, < 2.0)
    jquery-turbolinks (2.1.0)
      railties (>= 3.1.0)
      turbolinks
    jquery-ui-rails (6.0.1)
      railties (>= 3.2.16)
    json-schema (2.8.1)
      addressable (>= 2.4)
    jsonapi-renderer (0.2.2)
    jsonapi-resources (0.9.11)
      activerecord (>= 4.1)
      concurrent-ruby
      railties (>= 4.1)
    jsonapi-utils (0.7.3)
      jsonapi-resources (= 0.9.11)
    jwt (2.2.1)
    kaminari (1.2.1)
      activesupport (>= 4.1.0)
      kaminari-actionview (= 1.2.1)
      kaminari-activerecord (= 1.2.1)
      kaminari-core (= 1.2.1)
    kaminari-actionview (1.2.1)
      actionview
      kaminari-core (= 1.2.1)
    kaminari-activerecord (1.2.1)
      activerecord
      kaminari-core (= 1.2.1)
    kaminari-core (1.2.1)
    launchy (2.5.0)
      addressable (~> 2.7)
    letter_opener (1.7.0)
      launchy (~> 2.2)
    listen (3.2.1)
      rb-fsevent (~> 0.10, >= 0.10.3)
      rb-inotify (~> 0.9, >= 0.9.10)
    loofah (2.6.0)
      crass (~> 1.0.2)
      nokogiri (>= 1.5.9)
    mail (2.7.1)
      mini_mime (>= 0.1.1)
    marcel (0.3.3)
      mimemagic (~> 0.3.2)
    meta_request (0.7.2)
      rack-contrib (>= 1.1, < 3)
      railties (>= 3.0.0, < 7)
    method_source (1.0.0)
    mime-types (3.3.1)
      mime-types-data (~> 3.2015)
    mime-types-data (3.2020.0512)
    mimemagic (0.3.5)
    mini_magick (4.10.1)
    mini_mime (1.0.2)
    mini_portile2 (2.4.0)
    minitest (5.14.1)
    momentjs-rails (2.20.1)
      railties (>= 3.1)
    multi_json (1.14.1)
    multi_test (0.1.2)
    nested_form_fields (0.8.2)
      coffee-rails (>= 3.2.1)
      jquery-rails
      rails (>= 3.2.0)
    net-http-persistent (4.0.0)
      connection_pool (~> 2.2)
    net-http2 (0.18.2)
      http-2 (~> 0.10.1)
    netrc (0.11.0)
    newrelic_rpm (6.11.0.365)
    nio4r (2.5.2)
    nokogiri (1.10.9)
      mini_portile2 (~> 2.4.0)
    nondestructive_migrations (1.1.5)
      activerecord (>= 4.2)
    normalize-rails (3.0.3)
    nprogress-rails (0.2.0.2)
    orm_adapter (0.5.0)
    parallel (1.19.1)
    paranoia (2.4.2)
      activerecord (>= 4.0, < 6.1)
    parser (2.7.1.3)
      ast (~> 2.4.0)
    pg (1.2.3)
    pickle (0.5.5)
      cucumber (>= 0.8, < 4.0)
      rake
    pretender (0.3.4)
      actionpack (>= 4.2)
    pry (0.13.1)
      coderay (~> 1.1)
      method_source (~> 1.0)
    pry-awesome_print (9.6.11)
      awesome_print (>= 1.1.0, < 999)
      pry (>= 0.9.0, < 999)
    pry-byebug (3.9.0)
      byebug (~> 11.0)
      pry (~> 0.13.0)
    pry-rails (0.3.9)
      pry (>= 0.10.4)
    pry-remote (0.1.8)
      pry (~> 0.9)
      slop (~> 3.0)
    public_suffix (4.0.5)
    puma (4.3.5)
      nio4r (~> 2.0)
    rack (2.2.3)
    rack-canonical-host (1.0.0)
      addressable (> 0, < 3)
      rack (>= 1.0.0, < 3)
    rack-contrib (2.2.0)
      rack (~> 2.0)
    rack-mini-profiler (2.0.2)
      rack (>= 1.2.0)
    rack-protection (2.0.8.1)
      rack
    rack-proxy (0.6.5)
      rack
    rack-test (1.1.0)
      rack (>= 1.0, < 3)
    rack-timeout (0.6.0)
    rails (6.0.3.2)
      actioncable (= 6.0.3.2)
      actionmailbox (= 6.0.3.2)
      actionmailer (= 6.0.3.2)
      actionpack (= 6.0.3.2)
      actiontext (= 6.0.3.2)
      actionview (= 6.0.3.2)
      activejob (= 6.0.3.2)
      activemodel (= 6.0.3.2)
      activerecord (= 6.0.3.2)
      activestorage (= 6.0.3.2)
      activesupport (= 6.0.3.2)
      bundler (>= 1.3.0)
      railties (= 6.0.3.2)
      sprockets-rails (>= 2.0.0)
    rails-dom-testing (2.0.3)
      activesupport (>= 4.2.0)
      nokogiri (>= 1.6)
    rails-erd (1.6.0)
      activerecord (>= 4.2)
      activesupport (>= 4.2)
      choice (~> 0.2.0)
      ruby-graphviz (~> 1.2)
    rails-html-sanitizer (1.3.0)
      loofah (~> 2.3)
    railties (6.0.3.2)
      actionpack (= 6.0.3.2)
      activesupport (= 6.0.3.2)
      method_source
      rake (>= 0.8.7)
      thor (>= 0.20.3, < 2.0)
    rainbow (3.0.0)
    rake (13.0.1)
    rb-fsevent (0.10.4)
    rb-inotify (0.10.1)
      ffi (~> 1.0)
    recipient_interceptor (0.2.0)
      mail
    redis (4.1.4)
    redis-namespace (1.7.0)
      redis (>= 3.0.4)
    refills (0.2.0)
    regexp_parser (1.7.1)
    responders (3.0.1)
      actionpack (>= 5.0)
      railties (>= 5.0)
    rest-client (2.1.0)
      http-accept (>= 1.7.0, < 2.0)
      http-cookie (>= 1.0.2, < 2.0)
      mime-types (>= 1.16, < 4.0)
      netrc (~> 0.8)
    rexml (3.2.4)
    role_model (0.8.2)
    rpush (5.0.0)
      activesupport (>= 5.0)
      jwt (>= 1.5.6)
      multi_json (~> 1.0)
      net-http-persistent
      net-http2 (~> 0.14)
      railties
      rainbow
      thor (>= 0.18.1, < 2.0)
    rspec (3.9.0)
      rspec-core (~> 3.9.0)
      rspec-expectations (~> 3.9.0)
      rspec-mocks (~> 3.9.0)
    rspec-core (3.9.2)
      rspec-support (~> 3.9.3)
    rspec-expectations (3.9.2)
      diff-lcs (>= 1.2.0, < 2.0)
      rspec-support (~> 3.9.0)
    rspec-mocks (3.9.1)
      diff-lcs (>= 1.2.0, < 2.0)
      rspec-support (~> 3.9.0)
    rspec-rails (3.9.1)
      actionpack (>= 3.0)
      activesupport (>= 3.0)
      railties (>= 3.0)
      rspec-core (~> 3.9.0)
      rspec-expectations (~> 3.9.0)
      rspec-mocks (~> 3.9.0)
      rspec-support (~> 3.9.0)
    rspec-support (3.9.3)
    rspec_junit_formatter (0.4.1)
      rspec-core (>= 2, < 4, != 2.12.0)
    rubocop (0.85.1)
      parallel (~> 1.10)
      parser (>= 2.7.0.1)
      rainbow (>= 2.2.2, < 4.0)
      regexp_parser (>= 1.7)
      rexml
      rubocop-ast (>= 0.0.3)
      ruby-progressbar (~> 1.7)
      unicode-display_width (>= 1.4.0, < 2.0)
    rubocop-ast (0.0.3)
      parser (>= 2.7.0.1)
    rubocop-rspec (1.39.0)
      rubocop (>= 0.68.1)
    ruby-graphviz (1.2.5)
      rexml
    ruby-progressbar (1.10.1)
    ruby-vips (2.0.17)
      ffi (~> 1.9)
    rubyzip (2.3.0)
    safe_yaml (1.0.5)
    sass (3.7.4)
      sass-listen (~> 4.0.0)
    sass-listen (4.0.0)
      rb-fsevent (~> 0.9, >= 0.9.4)
      rb-inotify (~> 0.9, >= 0.9.7)
    sass-rails (5.1.0)
      railties (>= 5.2.0)
      sass (~> 3.1)
      sprockets (>= 2.8, < 4.0)
      sprockets-rails (>= 2.0, < 4.0)
      tilt (>= 1.1, < 3)
    sassc (2.2.0)
      ffi (~> 1.9)
    sassc-rails (2.1.2)
      railties (>= 4.0.0)
      sassc (>= 2.0)
      sprockets (> 3.0)
      sprockets-rails
      tilt
    selectize-rails (0.12.6)
    selenium-webdriver (3.142.7)
      childprocess (>= 0.5, < 4.0)
      rubyzip (>= 1.2.2)
    semantic_range (2.3.0)
    settingslogic (2.0.9)
    shoulda-matchers (4.3.0)
      activesupport (>= 4.2.0)
    show_me_the_cookies (5.0.1)
      capybara (>= 2, < 4)
    shrine (3.2.1)
      content_disposition (~> 1.0)
      down (~> 5.1)
    sidekiq (6.0.7)
      connection_pool (>= 2.2.2)
      rack (~> 2.0)
      rack-protection (>= 2.0.0)
      redis (>= 4.1.0)
    simple_form (5.0.2)
      actionpack (>= 5.0)
      activemodel (>= 5.0)
    simplecov (0.18.5)
      docile (~> 1.1)
      simplecov-html (~> 0.11)
    simplecov-html (0.12.2)
    site_prism (3.4.2)
      addressable (~> 2.5)
      capybara (~> 3.3)
      site_prism-all_there (>= 0.3.1, < 1.0)
    site_prism-all_there (0.3.2)
    slim (4.1.0)
      temple (>= 0.7.6, < 0.9)
      tilt (>= 2.0.6, < 2.1)
    slim-rails (3.2.0)
      actionpack (>= 3.1)
      railties (>= 3.1)
      slim (>= 3.0, < 5.0)
    slop (3.6.0)
    spring (2.1.0)
    spring-commands-rspec (1.0.4)
      spring (>= 0.9.1)
    sprockets (3.7.2)
      concurrent-ruby (~> 1.0)
      rack (> 1, < 3)
    sprockets-es6 (0.9.2)
      babel-source (>= 5.8.11)
      babel-transpiler
      sprockets (>= 3.0.0)
    sprockets-rails (3.2.1)
      actionpack (>= 4.0)
      activesupport (>= 4.0)
      sprockets (>= 3.0.0)
    stimulus_reflex (3.2.3)
      cable_ready (>= 4.1.2)
      nokogiri
      rack
      rails (>= 5.2)
    temple (0.8.2)
    thor (0.20.3)
    thread_safe (0.3.6)
    tilt (2.0.10)
    timecop (0.9.1)
    title (0.0.7)
      i18n
      rails (>= 3.1)
    trix-rails (2.2.0)
      rails (> 4.1, < 6.1)
    turbolinks (5.2.1)
      turbolinks-source (~> 5.2)
    turbolinks-source (5.2.0)
    tzinfo (1.2.7)
      thread_safe (~> 0.1)
    uglifier (4.2.0)
      execjs (>= 0.3.0, < 3)
    unf (0.1.4)
      unf_ext
    unf_ext (0.0.7.7)
    unicode-display_width (1.7.0)
    uniform_notifier (1.13.0)
    valise (1.2.1)
    warden (1.2.8)
      rack (>= 2.0.6)
    web-console (4.0.2)
      actionview (>= 6.0.0)
      activemodel (>= 6.0.0)
      bindex (>= 0.4.0)
      railties (>= 6.0.0)
    webmock (3.8.3)
      addressable (>= 2.3.6)
      crack (>= 0.3.2)
      hashdiff (>= 0.4.0, < 2.0.0)
    webpacker (5.1.1)
      activesupport (>= 5.2)
      rack-proxy (>= 0.6.1)
      railties (>= 5.2)
      semantic_range (>= 2.3.0)
    websocket-driver (0.7.2)
      websocket-extensions (>= 0.1.0)
    websocket-extensions (0.1.5)
    xpath (3.2.0)
      nokogiri (~> 1.8)
    zeitwerk (2.3.0)

PLATFORMS
  ruby

DEPENDENCIES
  active_link_to
  active_model_serializers (~> 0.10.0)
  administrate
  administrate-field-boolean_to_yes_no!
  administrate-field-collection_select!
  administrate-field-enum
  administrate-field-hex_color_picker!
  administrate-field-nested_has_many
  administrate-field-password!
  administrate-field-shrine!
  administrate-field-trix!
  airborne
  analytics-ruby (~> 2.2.2)
  annotate
  autoprefixer-rails
  awesome_print
  aws-sdk-s3 (~> 1.2)
  browser
  bullet
  bundler-audit (>= 0.5.0)
  cadre
  canard!
  cancancan
  capybara
  capybara-selenium
  chromedriver-helper
  chronic
  cucumber-rails
  dalli
  database_cleaner
  devise
  devise_invitable
  dotenv-rails
  dynamic_form
  email_spec
  factory_bot_rails
  faker
  ffi (= 1.9.25)
  fix-db-schema-conflicts
  flutie
  font-awesome-rails
  formulaic
  foundation-rails
  friendly_id
  high_voltage
  image_processing
  jquery-rails
  jquery-turbolinks
  jquery-ui-rails
  json-schema
  jsonapi-utils
  kaminari
  launchy
  letter_opener
  listen
  meta_request
  mini_magick
  nested_form_fields
  newrelic_rpm
  nondestructive_migrations
  normalize-rails (~> 3.0.0)
  nprogress-rails
  paranoia
  pg
  pickle
  pickler!
  pretender
  pry-awesome_print
  pry-byebug
  pry-rails
  pry-remote
  puma
  rack-canonical-host
  rack-mini-profiler
  rack-timeout
  rails (>= 6)
  rails-erd
  recipient_interceptor
  redis-namespace
  refills
  responders
  rollbar!
  rpush
  rspec-rails (~> 3.6)
  rspec_junit_formatter
  rubocop
  rubocop-rspec
  sass-rails (~> 5.0)
  sassc (= 2.2.0)
  selenium-webdriver
  settingslogic
  shoulda-matchers
  show_me_the_cookies
  shrine
  sidekiq
  simple_form
  simplecov
  site_prism
  slim-rails
  spring
  spring-commands-rspec
  sprockets (>= 3.0.0)
  stimulus_reflex (~> 3.2)
  tiddle!
  timecop
  title
  trix!
  turbolinks
  uglifier
  web-console
  webmock
  webpacker (~> 5.0)

RUBY VERSION
   ruby 2.7.1p83

BUNDLED WITH
   2.1.4
